GIT
  remote: git://github.com/lusis/padrino-framework.git
  revision: baa6541dbc80a64f074af959a7a063d7f25acf44
  branch: ripple
  specs:
    padrino (0.9.15)
      padrino-admin (= 0.9.15)
      padrino-core (= 0.9.15)
      padrino-gen (= 0.9.15)
      padrino-helpers (= 0.9.15)
      padrino-mailer (= 0.9.15)
    padrino-admin (0.9.15)
      padrino-core (= 0.9.15)
      padrino-gen (= 0.9.15)
      padrino-helpers (= 0.9.15)
    padrino-core (0.9.15)
      activesupport (>= 2.3.8)
      http_router (>= 0.3.13)
      sinatra (>= 1.0.0)
      thor (>= 0.13.0)
    padrino-gen (0.9.15)
      bundler (>= 1.0.0.rc.2)
      git
      padrino-core (= 0.9.15)
    padrino-helpers (0.9.15)
      i18n (>= 0.4.1)
      padrino-core (= 0.9.15)
    padrino-mailer (0.9.15)
      mail (>= 2.2.0)
      padrino-core (= 0.9.15)

GEM
  remote: http://rubygems.org/
  specs:
    activemodel (3.0.5)
      activesupport (= 3.0.5)
      builder (~> 2.1.2)
      i18n (~> 0.4)
    activesupport (3.0.5)
    beefcake (0.3.4)
    builder (2.1.2)
    curb (0.7.15)
    daemons (1.1.4)
    eventmachine (0.12.10)
    git (1.2.5)
    haml (3.1.2)
    http_router (0.8.10)
      rack (>= 1.0.0)
      url_mount (~> 0.2.1)
    i18n (0.6.0)
    mail (2.3.0)
      i18n (>= 0.4.0)
      mime-types (~> 1.16)
      treetop (~> 1.4.8)
    mime-types (1.16)
    polyglot (0.3.1)
    rack (1.3.0)
    rack-flash (0.1.2)
      rack
    rake (0.9.2)
    riak-client (0.9.5)
      beefcake (~> 0.3.0)
      builder (~> 2.1.2)
      i18n (>= 0.4.0)
    ripple (0.9.5)
      activemodel (~> 3.0.0)
      activesupport (~> 3.0.0)
      riak-client (~> 0.9.5)
    sass (3.1.3)
    sinatra (1.2.6)
      rack (~> 1.1)
      tilt (>= 1.2.2, < 2.0)
    thin (1.2.11)
      daemons (>= 1.0.9)
      eventmachine (>= 0.12.6)
      rack (>= 1.0.0)
    thor (0.14.6)
    tilt (1.3.2)
    treetop (1.4.9)
      polyglot (>= 0.3.1)
    url_mount (0.2.1)
      rack
    yajl-ruby (0.8.2)

PLATFORMS
  ruby

DEPENDENCIES
  activemodel
  activesupport
  curb
  haml
  padrino!
  rack-flash
  rake
  riak-client (>= 0.8.0beta)
  ripple
  sass
  thin
  yajl-ruby
